GEM
  remote: https://rubygems.org/
  specs:
    racc (1.4.16)
    yard (0.9.24)

PLATFORMS
  ruby

DEPENDENCIES
  racc
  yard

BUNDLED WITH
   2.1.2
