GEM
  remote: https://rubygems.org/
  specs:
    yard (0.9.35)

PLATFORMS
  ruby

DEPENDENCIES
  yard

BUNDLED WITH
   2.1.2
